PATH
  remote: .
  specs:
    ruby-satisfaction (0.6.7)
      activesupport (>= 3.0)
      json (>= 1.4.6)
      memcache-client (>= 1.5.0)
      nokogiri (>= 1.4.2)
      oauth (>= 0.3.5)

GEM
  remote: http://rubygems.org/
  specs:
    activesupport (3.0.10)
    diff-lcs (1.1.3)
    fakeweb (1.3.0)
    gemcutter (0.7.0)
    json (1.5.3)
    memcache-client (1.8.5)
    nokogiri (1.5.0)
    oauth (0.4.5)
    rr (1.0.2)
    rspec (2.6.0)
      rspec-core (~> 2.6.0)
      rspec-expectations (~> 2.6.0)
      rspec-mocks (~> 2.6.0)
    rspec-core (2.6.4)
    rspec-expectations (2.6.0)
      diff-lcs (~> 1.1.2)
    rspec-mocks (2.6.0)

PLATFORMS
  ruby

DEPENDENCIES
  bundler (>= 1.0.0)
  fakeweb (~> 1.3)
  gemcutter (>= 0.6.1)
  rr (= 1.0.2)
  rspec (~> 2.2)
  ruby-satisfaction!
