GEM
  remote: http://gems.github.com/
  remote: http://rubygems.org/
  specs:
    ZenTest (4.4.1)
    activesupport (2.3.5)
    columnize (0.3.2)
    configuration (1.2.0)
    diff-lcs (1.1.2)
    fakeweb (1.3.0)
    git (1.2.5)
    hoe (2.7.0)
      rake (>= 0.8.7)
      rubyforge (>= 2.0.4)
    jeweler (1.5.1)
      bundler (~> 1.0.0)
      git (>= 1.2.5)
      rake
    json (1.4.6)
    json_pure (1.4.6)
    launchy (0.3.7)
      configuration (>= 0.0.5)
      rake (>= 0.8.1)
    linecache (0.43)
    memcache-client (1.5.0)
      ZenTest (>= 3.4.2)
      hoe (>= 1.3.0)
    nokogiri (1.4.2)
    oauth (0.3.5)
      ruby-hmac (>= 0.3.1)
    open_gem (1.4.2)
      launchy (~> 0.3.5)
    rake (0.8.7)
    rr (1.0.2)
    rspec (2.2.0)
      rspec-core (~> 2.2)
      rspec-expectations (~> 2.2)
      rspec-mocks (~> 2.2)
    rspec-core (2.2.1)
    rspec-expectations (2.2.0)
      diff-lcs (~> 1.1.2)
    rspec-mocks (2.2.0)
    ruby-debug (0.10.4)
      columnize (>= 0.1)
      ruby-debug-base (~> 0.10.4.0)
    ruby-debug-base (0.10.4)
      linecache (>= 0.3)
    ruby-hmac (0.4.0)
    rubyforge (2.0.4)
      json_pure (>= 1.1.7)

PLATFORMS
  ruby

DEPENDENCIES
  activesupport (= 2.3.5)
  fakeweb (= 1.3.0)
  jeweler (= 1.5.1)
  json (= 1.4.6)
  memcache-client (= 1.5.0)
  nokogiri (= 1.4.2)
  oauth (= 0.3.5)
  open_gem (= 1.4.2)
  rr (= 1.0.2)
  rspec (= 2.2.0)
  ruby-debug (= 0.10.4)
